PATH
  remote: .
  specs:
    xfyun-spark (0.1.0)
      faye-websocket

GEM
  remote: https://rubygems.org/
  specs:
    diff-lcs (1.5.0)
    eventmachine (1.2.7)
    faye-websocket (0.11.3)
      eventmachine (>= 0.12.0)
      websocket-driver (>= 0.5.1)
    rake (13.0.6)
    rspec (3.12.0)
      rspec-core (~> 3.12.0)
      rspec-expectations (~> 3.12.0)
      rspec-mocks (~> 3.12.0)
    rspec-core (3.12.2)
      rspec-support (~> 3.12.0)
    rspec-expectations (3.12.3)
      diff-lcs (>= 1.2.0, < 2.0)
      rspec-support (~> 3.12.0)
    rspec-mocks (3.12.6)
      diff-lcs (>= 1.2.0, < 2.0)
      rspec-support (~> 3.12.0)
    rspec-support (3.12.1)
    websocket-driver (0.7.6)
      websocket-extensions (>= 0.1.0)
    websocket-extensions (0.1.5)

PLATFORMS
  x86_64-darwin-19

DEPENDENCIES
  rake (~> 13.0)
  rspec (~> 3.0)
  xfyun-spark!

BUNDLED WITH
   2.3.12
